GEM
  remote: http://rubygems.org/
  specs:
    daemons (1.1.4)
    eventmachine (1.0.0.beta.4.1-x86-mingw32)
    haml (3.1.3)
    rack (1.3.5)
    rack-protection (1.1.4)
      rack
    sass (3.1.10)
    sinatra (1.3.1)
      rack (~> 1.3, >= 1.3.4)
      rack-protection (~> 1.1, >= 1.1.2)
      tilt (~> 1.3, >= 1.3.3)
    thin (1.3.1)
      daemons (>= 1.0.9)
      eventmachine (>= 0.12.6)
      rack (>= 1.0.0)
    tilt (1.3.3)

PLATFORMS
  x86-mingw32

DEPENDENCIES
  bundler (~> 1.1.rc)
  eventmachine (~> 1.0.0.beta.4.1)
  haml
  sass
  sinatra
  thin
