GIT
  remote: https://github.com/jarmo/imdb
  revision: 76de4b5dc84fcbcfe28e29b4e561c3f342ba639c
  ref: 76de4b
  specs:
    imdb (0.8.2)
      nokogiri (~> 1.6)

GEM
  remote: https://rubygems.org/
  specs:
    backports (3.6.8)
    chunky_png (1.3.8)
    compass (1.0.3)
      chunky_png (~> 1.2)
      compass-core (~> 1.0.2)
      compass-import-once (~> 1.0.5)
      rb-fsevent (>= 0.9.3)
      rb-inotify (>= 0.9)
      sass (>= 3.3.13, < 3.5)
    compass-core (1.0.3)
      multi_json (~> 1.0)
      sass (>= 3.3.0, < 3.5)
    compass-import-once (1.0.5)
      sass (>= 3.2, < 3.5)
    daemons (1.2.4)
    eventmachine (1.2.1)
    eventmachine (1.2.1-x64-mingw32)
    ffi (1.9.14)
    ffi (1.9.14-x64-mingw32)
    haml (4.0.7)
      tilt
    mini_portile2 (2.1.0)
    multi_json (1.12.1)
    nokogiri (1.7.2)
      mini_portile2 (~> 2.1.0)
    nokogiri (1.7.2-x64-mingw32)
      mini_portile2 (~> 2.1.0)
    oj (2.18.0)
    parallel (1.10.0)
    rack (1.6.5)
    rack-protection (1.5.3)
      rack
    rack-test (0.6.3)
      rack (>= 1.0)
    rb-fsevent (0.9.8)
    rb-inotify (0.9.7)
      ffi (>= 0.5.0)
    sass (3.4.23)
    sinatra (1.4.7)
      rack (~> 1.5)
      rack-protection (~> 1.4)
      tilt (>= 1.3, < 3)
    sinatra-contrib (1.4.7)
      backports (>= 2.0)
      multi_json
      rack-protection
      rack-test
      sinatra (~> 1.4.0)
      tilt (>= 1.3, < 3)
    thin (1.7.0)
      daemons (~> 1.0, >= 1.0.9)
      eventmachine (~> 1.0, >= 1.0.4)
      rack (>= 1, < 3)
    tilt (2.0.5)

PLATFORMS
  ruby
  x64-mingw32

DEPENDENCIES
  compass
  eventmachine
  haml
  imdb!
  multi_json
  oj
  parallel
  sass
  sinatra
  sinatra-contrib
  thin

BUNDLED WITH
   1.15.1
