GEM
  remote: http://rubygems.org/
  specs:
    archive-tar-minitar (0.5.2)
    backports (2.3.0)
    chunky_png (1.2.5)
    columnize (0.3.4)
    compass (0.11.5)
      chunky_png (~> 1.2)
      fssm (>= 0.2.7)
      sass (~> 3.1)
    daemons (1.1.4)
    eventmachine (1.0.0.beta.4.1-x86-mingw32)
    fssm (0.2.7)
    haml (3.1.3)
    hpricot (0.8.5)
    imdb (0.6.7)
      hpricot (~> 0.8.4)
    linecache19 (0.5.13)
      ruby_core_source (>= 0.1.4)
    parallel (0.5.9)
    rack (1.3.5)
    rack-protection (1.1.4)
      rack
    rack-test (0.6.1)
      rack (>= 1.0)
    ruby-debug-base19 (0.11.26)
      columnize (>= 0.3.1)
      linecache19 (>= 0.5.11)
      ruby_core_source (>= 0.1.4)
    ruby-debug19 (0.11.6)
      columnize (>= 0.3.1)
      linecache19 (>= 0.5.11)
      ruby-debug-base19 (>= 0.11.19)
    ruby_core_source (0.1.5)
      archive-tar-minitar (>= 0.5.2)
    sass (3.1.10)
    sinatra (1.3.1)
      rack (~> 1.3, >= 1.3.4)
      rack-protection (~> 1.1, >= 1.1.2)
      tilt (~> 1.3, >= 1.3.3)
    sinatra-contrib (1.3.1)
      backports (>= 2.0)
      eventmachine
      rack-protection
      rack-test
      sinatra (~> 1.3.0)
      tilt (~> 1.3)
    thin (1.3.1)
      daemons (>= 1.0.9)
      eventmachine (>= 0.12.6)
      rack (>= 1.0.0)
    tilt (1.3.3)
    yajl-ruby (1.1.0-x86-mingw32)

PLATFORMS
  x86-mingw32

DEPENDENCIES
  bundler (~> 1.1.rc)
  compass
  eventmachine (~> 1.0.0.beta.4.1)
  haml
  imdb
  parallel
  ruby-debug19
  sass
  sinatra
  sinatra-contrib
  thin
  yajl-ruby
